PATH
  remote: vendor/gems/mojo_magick-0.2.0
  specs:
    mojo_magick (0.2.0)

GEM
  remote: http://rubygems.org/
  specs:
    actionmailer (2.3.5)
      actionpack (= 2.3.5)
    actionpack (2.3.5)
      activesupport (= 2.3.5)
      rack (~> 1.0.0)
    activerecord (2.3.5)
      activesupport (= 2.3.5)
    activeresource (2.3.5)
      activesupport (= 2.3.5)
    activesupport (2.3.5)
    geokit (1.5.0)
    geokit-rails (1.1.4)
      geokit (>= 1.5.0)
    haml (3.0.25)
    htmlentities (4.2.4)
    i18n (0.4.2)
    json (1.5.1)
    mocha (0.9.10)
      rake
    mysql (2.8.1)
    nokogiri (1.4.4)
    rack (1.0.1)
    rails (2.3.5)
      actionmailer (= 2.3.5)
      actionpack (= 2.3.5)
      activerecord (= 2.3.5)
      activeresource (= 2.3.5)
      activesupport (= 2.3.5)
      rake (>= 0.8.3)
    rake (0.8.7)

PLATFORMS
  ruby

DEPENDENCIES
  geokit
  geokit-rails
  haml
  htmlentities
  i18n (= 0.4.2)
  json
  mocha (= 0.9.10)
  mojo_magick (= 0.2.0)!
  mysql
  nokogiri
  rails (= 2.3.5)
