GIT
  remote: git://github.com/brendanlim/mobile-fu.git
  revision: cfd29fbd7dd6ac1155dcb33707fe00961af60e93
  specs:
    mobile-fu (2.x)

PATH
  remote: vendor/gems/mojo_magick-0.2.0
  specs:
    mojo_magick (0.2.0)

GEM
  remote: http://rubygems.org/
  specs:
    ZenTest (4.5.0)
    actionmailer (2.3.5)
      actionpack (= 2.3.5)
    actionpack (2.3.5)
      activesupport (= 2.3.5)
      rack (~> 1.0.0)
    activerecord (2.3.5)
      activesupport (= 2.3.5)
    activeresource (2.3.5)
      activesupport (= 2.3.5)
    activesupport (2.3.5)
    autotest-rails (4.1.0)
      ZenTest
    calendar_date_select (1.16.3)
    capistrano (2.8.0)
      highline
      net-scp (>= 1.0.0)
      net-sftp (>= 2.0.0)
      net-ssh (>= 2.0.14)
      net-ssh-gateway (>= 1.1.0)
    crack (0.1.8)
    daemon_controller (0.2.6)
    fastercsv (1.5.4)
    fastthread (1.0.7)
    file-tail (1.0.6)
      spruz (~> 0.2)
    geokit (1.6.0)
    geokit-rails (1.1.4)
      geokit (>= 1.5.0)
    gibbon (0.1.5)
      httparty (> 0.6.0)
      json (> 1.4.0)
    haml (3.1.2)
    has_many_polymorphs (2.13)
      activerecord
    highline (1.6.2)
    htmlentities (4.3.0)
    httparty (0.7.8)
      crack (= 0.1.8)
    i18n (0.4.2)
    json (1.5.3)
    memcache (1.2.13)
    memcache-client (1.8.5)
    mocha (0.9.10)
      rake
    mysql (2.8.1)
    net-scp (1.0.4)
      net-ssh (>= 1.99.1)
    net-sftp (2.0.5)
      net-ssh (>= 2.0.9)
    net-ssh (2.1.4)
    net-ssh-gateway (1.1.0)
      net-ssh (>= 1.99.1)
    nokogiri (1.5.0)
    passenger (3.0.2)
      daemon_controller (>= 0.2.5)
      fastthread (>= 1.0.1)
      file-tail
      rack
      rake (>= 0.8.1)
    racc (1.4.6)
    rack (1.0.1)
    rails (2.3.5)
      actionmailer (= 2.3.5)
      actionpack (= 2.3.5)
      activerecord (= 2.3.5)
      activeresource (= 2.3.5)
      activesupport (= 2.3.5)
      rake (>= 0.8.3)
    rake (0.9.2)
    rdiscount (1.6.8)
    rspec (1.3.1)
    rspec-rails (1.3.2)
      rack (>= 1.0.0)
      rspec (>= 1.3.0)
    sass (3.1.7)
    spruz (0.2.12)
    tzinfo (0.3.29)

PLATFORMS
  ruby

DEPENDENCIES
  ZenTest (= 4.5.0)
  autotest-rails
  calendar_date_select
  capistrano
  fastercsv
  geokit
  geokit-rails
  gibbon
  haml
  has_many_polymorphs
  htmlentities
  i18n (~> 0.4.0)
  json
  memcache
  memcache-client
  mobile-fu (= 2.x)!
  mocha (= 0.9.10)
  mojo_magick (= 0.2.0)!
  mysql
  nokogiri
  passenger (= 3.0.2)
  racc
  rails (= 2.3.5)
  rdiscount
  rspec (= 1.3.1)
  rspec-rails (= 1.3.2)
  sass
  tzinfo
