GIT
  remote: git://github.com/brendanlim/mobile-fu.git
  revision: 80b42e713d4ac08a63b5d456228eb7998dba4378
  specs:
    mobile-fu (2.x)

PATH
  remote: vendor/gems/mojo_magick-0.2.0
  specs:
    mojo_magick (0.2.0)

GEM
  remote: http://rubygems.org/
  specs:
    ZenTest (4.5.0)
    actionmailer (2.3.5)
      actionpack (= 2.3.5)
    actionpack (2.3.5)
      activesupport (= 2.3.5)
      rack (~> 1.0.0)
    activerecord (2.3.5)
      activesupport (= 2.3.5)
    activeresource (2.3.5)
      activesupport (= 2.3.5)
    activesupport (2.3.5)
    calendar_date_select (1.16.2)
    daemon_controller (0.2.6)
    fastercsv (1.5.4)
    fastthread (1.0.7)
    file-tail (1.0.5)
      spruz (>= 0.1.0)
    geokit (1.5.0)
    geokit-rails (1.1.4)
      geokit (>= 1.5.0)
    haml (3.0.25)
    has_many_polymorphs (2.13)
      activerecord
    htmlentities (4.2.4)
    i18n (0.5.0)
    json (1.5.1)
    memcache (1.2.13)
    memcache-client (1.8.5)
    mocha (0.9.10)
      rake
    mysql (2.8.1)
    nokogiri (1.4.4)
    passenger (3.0.5)
      daemon_controller (>= 0.2.5)
      fastthread (>= 1.0.1)
      file-tail
      rack
      rake (>= 0.8.1)
    racc (1.4.6)
    rack (1.0.1)
    rails (2.3.5)
      actionmailer (= 2.3.5)
      actionpack (= 2.3.5)
      activerecord (= 2.3.5)
      activeresource (= 2.3.5)
      activesupport (= 2.3.5)
      rake (>= 0.8.3)
    rake (0.8.7)
    rdiscount (1.6.8)
    rspec (1.3.1)
    rspec-rails (1.3.2)
      rack (>= 1.0.0)
      rspec (>= 1.3.0)
    spruz (0.2.5)
    tzinfo (0.3.24)

PLATFORMS
  ruby

DEPENDENCIES
  ZenTest
  calendar_date_select
  fastercsv
  geokit
  geokit-rails
  haml
  has_many_polymorphs
  htmlentities
  i18n
  json
  memcache
  memcache-client
  mobile-fu (= 2.x)!
  mocha (= 0.9.10)
  mojo_magick (= 0.2.0)!
  mysql
  nokogiri
  passenger
  racc
  rails (= 2.3.5)
  rdiscount
  rspec (= 1.3.1)
  rspec-rails (= 1.3.2)
  tzinfo
