GIT
  remote: git://github.com/brendanlim/mobile-fu.git
  revision: 3fdad44873e34bdedf55b485676f5bc54c49fee7
  specs:
    mobile-fu (2.x)

GEM
  remote: http://rubygems.org/
  specs:
    ZenTest (4.5.0)
    actionmailer (2.3.11)
      actionpack (= 2.3.11)
    actionpack (2.3.11)
      activesupport (= 2.3.11)
      rack (~> 1.1.0)
    activerecord (2.3.11)
      activesupport (= 2.3.11)
    activeresource (2.3.11)
      activesupport (= 2.3.11)
    activesupport (2.3.11)
    autotest-rails (4.1.2)
      ZenTest (~> 4.5)
    calendar_date_select (1.16.3)
    capistrano (2.12.0)
      highline
      net-scp (>= 1.0.0)
      net-sftp (>= 2.0.0)
      net-ssh (>= 2.0.14)
      net-ssh-gateway (>= 1.1.0)
    daemon_controller (1.0.0)
    event-calendar (2.3.3)
    fastercsv (1.5.4)
    fastthread (1.0.7)
    file-tail (1.0.8)
      tins (~> 0.3)
    geokit (1.6.5)
      multi_json
    geokit-rails (1.1.4)
      geokit (>= 1.5.0)
    gibbon (0.3.5)
      httparty (> 0.6.0)
      httparty (> 0.6.0)
      json (> 1.4.0)
      json (> 1.4.0)
      rdoc
    grackle (0.1.10)
      json
      mime-types
      oauth
    haml (3.1.4)
    has_many_polymorphs (2.13)
      activerecord
    highline (1.6.11)
    htmlentities (4.3.1)
    httparty (0.8.3)
      multi_json (~> 1.0)
      multi_xml
    i18n (0.4.2)
    jslint_on_rails (1.1.1)
    json (1.6.6)
    memcache (1.2.13)
    memcache-client (1.8.5)
    mime-types (1.18)
    mocha (0.9.10)
      rake
    mojo_magick (0.4.2)
    multi_json (1.3.2)
    multi_xml (0.4.4)
    mysql2 (0.2.18)
    net-scp (1.0.4)
      net-ssh (>= 1.99.1)
    net-sftp (2.0.5)
      net-ssh (>= 2.0.9)
    net-ssh (2.3.0)
    net-ssh-gateway (1.1.0)
      net-ssh (>= 1.99.1)
    nokogiri (1.5.2)
    oauth (0.4.6)
    passenger (3.0.2)
      daemon_controller (>= 0.2.5)
      fastthread (>= 1.0.1)
      file-tail
      rack
      rake (>= 0.8.1)
    postmark (0.9.10)
    postmark-rails (0.4.1)
      actionmailer
      postmark (>= 0.9.0)
      rake
    qr4r (0.3.3)
      mojo_magick
      rqrcode
    racc (1.4.8)
    rack (1.1.3)
    rack-cors (0.2.6)
      rack
    rails (2.3.11)
      actionmailer (= 2.3.11)
      actionpack (= 2.3.11)
      activerecord (= 2.3.11)
      activeresource (= 2.3.11)
      activesupport (= 2.3.11)
      rake (>= 0.8.3)
    rake (0.9.2.2)
    rdiscount (1.6.8)
    rdoc (3.12)
      json (~> 1.4)
    rosie (0.0.9)
    rqrcode (0.4.2)
    rspec (1.3.1)
    rspec-rails (1.3.4)
      rack (>= 1.0.0)
      rspec (~> 1.3.1)
    rvm-capistrano (1.1.0)
      capistrano (>= 2.0.0)
    sass (3.1.16)
    tins (0.3.13)
    tmail (1.2.7.1)
    tzinfo (0.3.33)

PLATFORMS
  ruby

DEPENDENCIES
  ZenTest (= 4.5.0)
  autotest-rails
  calendar_date_select
  capistrano
  event-calendar
  fastercsv
  geokit
  geokit-rails
  gibbon
  grackle
  haml
  has_many_polymorphs
  htmlentities
  i18n (~> 0.4.0)
  jslint_on_rails
  json
  memcache
  memcache-client
  mime-types
  mobile-fu (= 2.x)!
  mocha (= 0.9.10)
  mojo_magick
  mysql2 (~> 0.2.11)
  nokogiri
  passenger (= 3.0.2)
  postmark
  postmark-rails
  qr4r
  racc
  rack-cors
  rails (= 2.3.11)
  rdiscount
  rosie
  rspec (= 1.3.1)
  rspec-rails (= 1.3.4)
  rvm-capistrano
  sass
  tmail
  tzinfo
