GIT
  remote: git://github.com/brendanlim/mobile-fu.git
  revision: 3fdad44873e34bdedf55b485676f5bc54c49fee7
  specs:
    mobile-fu (2.x)

GEM
  remote: http://rubygems.org/
  specs:
    ZenTest (4.5.0)
    actionmailer (2.3.14)
      actionpack (= 2.3.14)
    actionpack (2.3.14)
      activesupport (= 2.3.14)
      rack (~> 1.1.0)
    activerecord (2.3.14)
      activesupport (= 2.3.14)
    activeresource (2.3.14)
      activesupport (= 2.3.14)
    activesupport (2.3.14)
    addressable (2.2.8)
    autotest-rails (4.1.2)
      ZenTest (~> 4.5)
    calendar_date_select (1.16.4)
    capistrano (2.12.0)
      highline
      net-scp (>= 1.0.0)
      net-sftp (>= 2.0.0)
      net-ssh (>= 2.0.14)
      net-ssh-gateway (>= 1.1.0)
    cookiejar (0.3.0)
    daemon_controller (1.0.0)
    dalli (1.1.5)
    em-http-request (0.3.0)
      addressable (>= 2.0.0)
      escape_utils
      eventmachine (>= 0.12.9)
    escape_utils (0.2.4)
    event-calendar (2.3.3)
    eventmachine (0.12.10)
    fakeweb (1.3.0)
    fastercsv (1.5.5)
    fastthread (1.0.7)
    faye (0.8.2)
      cookiejar (>= 0.3.0)
      em-http-request (>= 0.3.0)
      eventmachine (>= 0.12.0)
      faye-websocket (>= 0.4.0)
      rack (>= 1.0.0)
      yajl-ruby (>= 1.0.0)
    faye-websocket (0.4.5)
      eventmachine (>= 0.12.0)
    geokit (1.6.5)
      multi_json
    geokit-rails (1.1.4)
      geokit (>= 1.5.0)
    gibbon (0.3.5)
      httparty (> 0.6.0)
      httparty (> 0.6.0)
      json (> 1.4.0)
      json (> 1.4.0)
      rdoc
    grackle (0.1.10)
      json
      mime-types
      oauth
    haml (3.1.6)
    has_many_polymorphs (2.13)
      activerecord
    highline (1.6.12)
    htmlentities (4.3.1)
    httparty (0.8.3)
      multi_json (~> 1.0)
      multi_xml
    i18n (0.4.2)
    jslint_on_rails (1.1.1)
    json (1.7.3)
    mime-types (1.18)
    mocha (0.9.10)
      rake
    mojo_magick (0.4.2)
    momentarily (0.0.3)
      activerecord
      activesupport
      eventmachine
    multi_json (1.3.6)
    multi_xml (0.5.1)
    mysql2 (0.2.18)
    net-scp (1.0.4)
      net-ssh (>= 1.99.1)
    net-sftp (2.0.5)
      net-ssh (>= 2.0.9)
    net-ssh (2.5.2)
    net-ssh-gateway (1.1.0)
      net-ssh (>= 1.99.1)
    nokogiri (1.5.3)
    oauth (0.4.6)
    passenger (3.0.12)
      daemon_controller (>= 0.2.5)
      fastthread (>= 1.0.1)
      rack
      rake (>= 0.8.1)
    postmark (0.9.10)
    postmark-rails (0.4.1)
      actionmailer
      postmark (>= 0.9.0)
      rake
    qr4r (0.3.3)
      mojo_magick
      rqrcode
    racc (1.4.8)
    rack (1.1.3)
    rack-cors (0.2.7)
      rack
    rails (2.3.14)
      actionmailer (= 2.3.14)
      actionpack (= 2.3.14)
      activerecord (= 2.3.14)
      activeresource (= 2.3.14)
      activesupport (= 2.3.14)
      rake (>= 0.8.3)
    rake (0.9.2.2)
    rdiscount (1.6.8)
    rdoc (3.12)
      json (~> 1.4)
    rosie (0.0.9)
    rqrcode (0.4.2)
    rspec (1.3.1)
    rspec-rails (1.3.4)
      rack (>= 1.0.0)
      rspec (~> 1.3.1)
    rvm-capistrano (1.2.2)
      capistrano (>= 2.0.0)
    sass (3.1.19)
    tmail (1.2.7.1)
    tzinfo (0.3.33)
    yajl-ruby (1.1.0)

PLATFORMS
  ruby

DEPENDENCIES
  ZenTest (= 4.5.0)
  autotest-rails
  calendar_date_select
  capistrano
  dalli (~> 1.x)
  event-calendar
  fakeweb
  fastercsv
  faye
  geokit
  geokit-rails
  gibbon
  grackle
  haml
  has_many_polymorphs
  htmlentities
  i18n (~> 0.4.0)
  jslint_on_rails
  json
  mime-types
  mobile-fu (= 2.x)!
  mocha (= 0.9.10)
  mojo_magick
  momentarily
  mysql2 (~> 0.2.11)
  nokogiri
  passenger (= 3.0.12)
  postmark
  postmark-rails
  qr4r
  racc
  rack-cors
  rails (= 2.3.14)
  rdiscount
  rosie
  rspec (= 1.3.1)
  rspec-rails (= 1.3.4)
  rvm-capistrano
  sass
  tmail
  tzinfo
