GIT
  remote: git://github.com/brendanlim/mobile-fu.git
  revision: 3fdad44873e34bdedf55b485676f5bc54c49fee7
  specs:
    mobile-fu (2.x)

GEM
  remote: https://rubygems.org/
  specs:
    ZenTest (4.5.0)
    actionmailer (2.3.18)
      actionpack (= 2.3.18)
    actionpack (2.3.18)
      activesupport (= 2.3.18)
      rack (~> 1.1.0)
    activerecord (2.3.18)
      activesupport (= 2.3.18)
    activerecord-mysql2-adapter (0.0.3)
      mysql2
    activeresource (2.3.18)
      activesupport (= 2.3.18)
    activesupport (2.3.18)
    addressable (2.2.8)
    autotest-rails (4.1.2)
      ZenTest (~> 4.5)
    browser (0.1.6)
    calendar_date_select (1.16.4)
    capistrano (2.12.0)
      highline
      net-scp (>= 1.0.0)
      net-sftp (>= 2.0.0)
      net-ssh (>= 2.0.14)
      net-ssh-gateway (>= 1.1.0)
    childprocess (0.3.3)
      ffi (~> 1.0.6)
    coderay (1.0.8)
    coffee-script (2.2.0)
      coffee-script-source
      execjs
    coffee-script-source (1.3.3)
    cookiejar (0.3.0)
    daemon_controller (1.0.0)
    dalli (1.1.5)
    em-http-request (0.3.0)
      addressable (>= 2.0.0)
      escape_utils
      eventmachine (>= 0.12.9)
    erubis (2.7.0)
    escape_utils (0.2.4)
    event-calendar (2.3.3)
    eventmachine (0.12.10)
    execjs (1.4.0)
      multi_json (~> 1.0)
    fakeweb (1.3.0)
    fastercsv (1.5.5)
    fastthread (1.0.7)
    faye (0.8.2)
      cookiejar (>= 0.3.0)
      em-http-request (>= 0.3.0)
      eventmachine (>= 0.12.0)
      faye-websocket (>= 0.4.0)
      rack (>= 1.0.0)
      yajl-ruby (>= 1.0.0)
    faye-websocket (0.4.5)
      eventmachine (>= 0.12.0)
    ffi (1.0.11)
    geokit (1.6.5)
      multi_json
    geokit-rails (1.1.4)
      geokit (>= 1.5.0)
    gibbon (0.3.5)
      httparty (> 0.6.0)
      httparty (> 0.6.0)
      json (> 1.4.0)
      json (> 1.4.0)
      rdoc
    grackle (0.1.10)
      json
      mime-types
      oauth
    guard (1.3.2)
      listen (>= 0.4.2)
      thor (>= 0.14.6)
    guard-coffeescript (1.2.0)
      coffee-script (>= 2.2.0)
      guard (>= 1.1.0)
    guard-rspec (1.2.1)
      guard (>= 1.1)
    haml (3.1.6)
    has_many_polymorphs (2.13)
      activerecord
    hashie (1.2.0)
    highline (1.6.12)
    hike (1.2.1)
    htmlentities (4.3.1)
    httparty (0.8.3)
      multi_json (~> 1.0)
      multi_xml
    i18n (0.4.2)
    jasmine (1.2.0)
      jasmine-core (>= 1.2.0)
      rack (~> 1.0)
      rspec (>= 1.3.1)
      selenium-webdriver (>= 0.1.3)
    jasmine-core (1.2.0)
    jasmine-headless-webkit (0.8.4)
      coffee-script
      jasmine-core (~> 1.1)
      multi_json
      rainbow
      sprockets (~> 2)
    jslint_on_rails (1.1.1)
    json (1.7.3)
    libwebsocket (0.1.4)
      addressable
    listen (0.5.0)
    memcache-client (1.8.5)
    method_source (0.8.1)
    mime-types (1.18)
    mocha (0.9.10)
      rake
    mojo_magick (0.4.3)
    momentarily (0.0.3)
      activerecord
      activesupport
      eventmachine
    multi_json (1.3.6)
    multi_xml (0.5.1)
    mysql2 (0.2.18)
    net-scp (1.0.4)
      net-ssh (>= 1.99.1)
    net-sftp (2.0.5)
      net-ssh (>= 2.0.9)
    net-ssh (2.5.2)
    net-ssh-gateway (1.1.0)
      net-ssh (>= 1.99.1)
    newrelic_rpm (3.5.6.55)
    nokogiri (1.5.3)
    oauth (0.4.6)
    passenger (3.0.12)
      daemon_controller (>= 0.2.5)
      fastthread (>= 1.0.1)
      rack
      rake (>= 0.8.1)
    postmark (0.9.10)
    postmark-rails (0.4.1)
      actionmailer
      postmark (>= 0.9.0)
      rake
    pry (0.9.10)
      coderay (~> 1.0.5)
      method_source (~> 0.8)
      slop (~> 3.3.1)
    qr4r (0.3.3)
      mojo_magick
      rqrcode
    racc (1.4.8)
    rack (1.1.6)
    rack-cors (0.2.7)
      rack
    rails (2.3.18)
      actionmailer (= 2.3.18)
      actionpack (= 2.3.18)
      activerecord (= 2.3.18)
      activeresource (= 2.3.18)
      activesupport (= 2.3.18)
      rake (>= 0.8.3)
    rails_xss (0.4.0)
    rainbow (1.1.4)
    rake (10.0.3)
    rb-fsevent (0.9.3)
    rdiscount (1.6.8)
    rdoc (3.12)
      json (~> 1.4)
    recaptcha (0.3.4)
    rosie (0.0.9)
    rqrcode (0.4.2)
    rspec (1.3.1)
    rspec-rails (1.3.4)
      rack (>= 1.0.0)
      rspec (~> 1.3.1)
    rubyzip (0.9.9)
    rvm-capistrano (1.2.2)
      capistrano (>= 2.0.0)
    sass (3.1.19)
    selenium-webdriver (2.24.0)
      childprocess (>= 0.2.5)
      libwebsocket (~> 0.1.3)
      multi_json (~> 1.0)
      rubyzip
    slop (3.3.3)
    sprockets (2.4.5)
      hike (~> 1.2)
      multi_json (~> 1.0)
      rack (~> 1.0)
      tilt (~> 1.1, != 1.3.0)
    thor (0.16.0)
    tilt (1.3.3)
    tmail (1.2.7.1)
    tzinfo (0.3.33)
    will_paginate (2.3.16)
    yajl-ruby (1.1.0)

PLATFORMS
  ruby

DEPENDENCIES
  ZenTest (= 4.5.0)
  activerecord-mysql2-adapter
  autotest-rails
  browser
  calendar_date_select
  capistrano
  dalli (~> 1.x)
  erubis
  event-calendar
  fakeweb
  fastercsv
  faye
  geokit
  geokit-rails
  gibbon
  grackle
  guard-coffeescript
  guard-rspec (~> 1.2.0)
  haml
  has_many_polymorphs
  hashie
  htmlentities
  i18n (~> 0.4.0)
  jasmine
  jasmine-headless-webkit
  jslint_on_rails
  json
  memcache-client
  mime-types
  mobile-fu (= 2.x)!
  mocha (= 0.9.10)
  mojo_magick
  momentarily
  mysql2 (~> 0.2.11)
  newrelic_rpm
  nokogiri
  passenger (= 3.0.12)
  postmark
  postmark-rails
  pry
  qr4r
  racc
  rack-cors
  rails (= 2.3.18)
  rails_xss
  rb-fsevent (~> 0.9.1)
  rdiscount
  recaptcha
  rosie
  rspec (= 1.3.1)
  rspec-rails (= 1.3.4)
  rvm-capistrano
  sass
  tmail
  tzinfo
  will_paginate (~> 2.3.16)
